GEM
  remote: https://rubygems.org/
  specs:
    slop (4.10.1)

PLATFORMS
  x86_64-darwin-21

DEPENDENCIES
  slop (~> 4.10, >= 4.10.1)

BUNDLED WITH
   2.2.26
